PATH
  remote: dummy
  specs:
    dummy (0.1.0)
      rack (< 3.0)

GEM
  remote: https://rubygems.org/
  specs:
    rack (2.0.6)

PLATFORMS
  ruby

DEPENDENCIES
  dummy!

BUNDLED WITH
   2.0.1
